RESTRICTION: >= net461
NUGET
  remote: https://www.nuget.org/api/v2
    FSharp.Core (4.5.4)

GROUP Build
NUGET
  remote: https://www.nuget.org/api/v2
    FAKE (5.8.4)
    FSharp.Core (4.5.4) - restriction: || (>= net461) (>= netstandard2.0)
    Suave (2.5.3)
      FSharp.Core (>= 4.0 < 5.0) - restriction: || (>= net461) (>= netstandard2.0)
